GEM
  remote: http://rubygems.org/
  specs:
    addressable (2.2.6)
    em-websocket (0.3.6)
      addressable (>= 2.1.1)
      eventmachine (>= 0.12.9)
    eventmachine (0.12.10)
    kd-tree (0.0.3)
    web-socket-ruby (0.1.0)

PLATFORMS
  ruby

DEPENDENCIES
  em-websocket
  eventmachine
  kd-tree
  web-socket-ruby
